RESTRICTION: == net45
NUGET
  remote: https://www.nuget.org/api/v2
    FSharp.Core (4.2.3)
    Hopac (0.3.23)
      FSharp.Core (>= 3.1.2.5)
    Http.fs (4.1.2)
      FSharp.Core (>= 3.1.2.5)
      Hopac (>= 0.3.21)
    Microsoft.Azure.KeyVault.Core (2.0.4)
    Microsoft.Azure.WebJobs (2.0)
      Microsoft.Azure.WebJobs.Core (2.0)
      Newtonsoft.Json (>= 9.0.1)
      WindowsAzure.Storage (>= 7.2.1)
    Microsoft.Azure.WebJobs.Core (2.0)
    Microsoft.Azure.WebJobs.Extensions (2.0)
      Microsoft.Azure.WebJobs (>= 2.0)
      Microsoft.Tpl.Dataflow (>= 4.5.24)
      ncrontab (>= 3.3)
    Microsoft.Data.Edm (5.8.3)
    Microsoft.Data.OData (5.8.3)
      Microsoft.Data.Edm (5.8.3)
      System.Spatial (5.8.3)
    Microsoft.Data.Services.Client (5.8.3)
      Microsoft.Data.OData (5.8.3)
    Microsoft.FSharpLu (0.10.3)
    Microsoft.FSharpLu.Json (0.10.3)
    Microsoft.Tpl.Dataflow (4.5.24)
    ncrontab (3.3)
    Newtonsoft.Json (10.0.3)
    System.Spatial (5.8.3)
    WindowsAzure.Storage (8.4)
      Microsoft.Azure.KeyVault.Core (>= 1.0)
      Microsoft.Data.OData (>= 5.8.2)
      Microsoft.Data.Services.Client (>= 5.8.2)
      Newtonsoft.Json (>= 6.0.8)
